GEM
  remote: https://rubygems.org/
  specs:
    addressable (2.3.5)
    awesome_print (1.2.0)
    coderay (1.1.0)
    crack (0.4.1)
      safe_yaml (~> 0.9.0)
    diff-lcs (1.2.5)
    dotenv (0.9.0)
    faraday (0.8.7)
      multipart-post (~> 1.1)
    haml (4.0.3)
      tilt
    hashie (2.0.5)
    httpclient (2.3.3)
    kgio (2.8.0)
    method_source (0.8.2)
    multi_json (1.7.6)
    multipart-post (1.2.0)
    mysql2 (0.3.11)
    oauth (0.4.7)
    omniauth (1.1.4)
      hashie (>= 1.2, < 3)
      rack
    omniauth-oauth (1.0.1)
      oauth
      omniauth (~> 1.0)
    omniauth-twitter (0.0.16)
      multi_json (~> 1.3)
      omniauth-oauth (~> 1.0)
    pry (0.9.12.4)
      coderay (~> 1.0)
      method_source (~> 0.8)
      slop (~> 3.4)
    rack (1.5.2)
    rack-protection (1.5.0)
      rack
    rack-test (0.6.2)
      rack (>= 1.0)
    raindrops (0.11.0)
    rspec (2.14.1)
      rspec-core (~> 2.14.0)
      rspec-expectations (~> 2.14.0)
      rspec-mocks (~> 2.14.0)
    rspec-core (2.14.7)
    rspec-expectations (2.14.4)
      diff-lcs (>= 1.1.3, < 2.0)
    rspec-mocks (2.14.4)
    safe_yaml (0.9.7)
    sequel (3.48.0)
    shotgun (0.9)
      rack (>= 1.0)
    simple-rss (1.3.1)
    simple_oauth (0.2.0)
    sinatra (1.4.2)
      rack (~> 1.5, >= 1.5.2)
      rack-protection (~> 1.4)
      tilt (~> 1.3, >= 1.3.4)
    sinatra-flash (0.3.0)
      sinatra (>= 1.0.0)
    slim (2.0.0)
      temple (~> 0.6.5)
      tilt (~> 1.3, >= 1.3.3)
    slop (3.4.7)
    sqlite3 (1.3.7)
    temple (0.6.5)
    tilt (1.4.1)
    twitter (4.7.0)
      faraday (~> 0.8, < 0.10)
      multi_json (~> 1.0)
      simple_oauth (~> 0.2)
    unicorn (4.6.2)
      kgio (~> 2.6)
      rack
      raindrops (~> 0.7)
    webmock (1.16.1)
      addressable (>= 2.2.7)
      crack (>= 0.3.2)

PLATFORMS
  ruby

DEPENDENCIES
  awesome_print
  dotenv
  haml
  httpclient
  mysql2
  omniauth
  omniauth-twitter
  pry
  rack-test
  rspec
  sequel
  shotgun
  simple-rss
  sinatra
  sinatra-flash
  slim
  sqlite3
  twitter (~> 4.0)
  unicorn
  webmock
